PATH
  remote: .
  specs:
    middleman-inliner (1.0.3)

GEM
  remote: http://rubygems.org/
  specs:

PLATFORMS
  ruby

DEPENDENCIES
  middleman-inliner!
